GIT
  remote: git://github.com/benpolinsky/bp_custom_fields.git
  revision: 0b242fa7ee7ff2b513b451b742eef6108014e9d9
  specs:
    bp_custom_fields (0.1.2)
      carrierwave
      cocoon
      jquery-rails
      mini_magick
      rails (>= 4.2.6)
      ranked-model

GEM
  remote: http://rubygems.org/
  remote: https://rails-assets.org/
  specs:
    CFPropertyList (2.3.2)
    actioncable (5.0.0)
      actionpack (= 5.0.0)
      nio4r (~> 1.2)
      websocket-driver (~> 0.6.1)
    actionmailer (5.0.0)
      actionpack (= 5.0.0)
      actionview (= 5.0.0)
      activejob (= 5.0.0)
      mail (~> 2.5, >= 2.5.4)
      rails-dom-testing (~> 2.0)
    actionpack (5.0.0)
      actionview (= 5.0.0)
      activesupport (= 5.0.0)
      rack (~> 2.0)
      rack-test (~> 0.6.3)
      rails-dom-testing (~> 2.0)
      rails-html-sanitizer (~> 1.0, >= 1.0.2)
    actionview (5.0.0)
      activesupport (= 5.0.0)
      builder (~> 3.1)
      erubis (~> 2.7.0)
      rails-dom-testing (~> 2.0)
      rails-html-sanitizer (~> 1.0, >= 1.0.2)
    active_link_to (1.0.3)
      actionpack
    activejob (5.0.0)
      activesupport (= 5.0.0)
      globalid (>= 0.3.6)
    activemodel (5.0.0)
      activesupport (= 5.0.0)
    activerecord (5.0.0)
      activemodel (= 5.0.0)
      activesupport (= 5.0.0)
      arel (~> 7.0)
    activesupport (5.0.0)
      concurrent-ruby (~> 1.0, >= 1.0.2)
      i18n (~> 0.7)
      minitest (~> 5.1)
      tzinfo (~> 1.1)
    airbrussh (1.1.0)
      sshkit (>= 1.6.1, != 1.7.0)
    arel (7.0.0)
    autoprefixer-rails (6.3.7)
      execjs
    bcrypt (3.1.11)
    bootstrap (4.0.0.alpha3)
      autoprefixer-rails (>= 6.0.3)
      sass (>= 3.4.19)
    bootstrap_form (2.4.0)
    builder (3.2.2)
    byebug (9.0.5)
    capistrano (3.6.0)
      airbrussh (>= 1.0.0)
      capistrano-harrow
      i18n
      rake (>= 10.0.0)
      sshkit (>= 1.9.0)
    capistrano-bundler (1.1.4)
      capistrano (~> 3.1)
      sshkit (~> 1.2)
    capistrano-harrow (0.5.3)
    capistrano-rails (1.1.7)
      capistrano (~> 3.1)
      capistrano-bundler (~> 1.1)
    capistrano-rvm (0.1.2)
      capistrano (~> 3.0)
      sshkit (~> 1.2)
    capistrano-ssh-doctor (1.0.0)
      capistrano (>= 3.1)
    capistrano3-puma (1.2.1)
      capistrano (~> 3.0)
      puma (>= 2.6)
    carrierwave (0.11.2)
      activemodel (>= 3.2.0)
      activesupport (>= 3.2.0)
      json (>= 1.7)
      mime-types (>= 1.16)
      mimemagic (>= 0.3.0)
    cocoon (1.2.9)
    coffee-rails (4.1.1)
      coffee-script (>= 2.2.0)
      railties (>= 4.0.0, < 5.1.x)
    coffee-script (2.4.1)
      coffee-script-source
      execjs
    coffee-script-source (1.10.0)
    concurrent-ruby (1.0.2)
    daemons (1.2.3)
    devise (4.2.0)
      bcrypt (~> 3.0)
      orm_adapter (~> 0.1)
      railties (>= 4.1.0, < 5.1)
      responders
      warden (~> 1.2.3)
    diff-lcs (1.2.5)
    error_list_for (0.1.2)
    erubis (2.7.0)
    eventmachine (1.2.0.1)
    excon (0.51.0)
    execjs (2.7.0)
    factory_girl (4.7.0)
      activesupport (>= 3.0.0)
    factory_girl_rails (4.7.0)
      factory_girl (~> 4.7.0)
      railties (>= 3.0.0)
    figaro (1.1.1)
      thor (~> 0.14)
    fission (0.5.0)
      CFPropertyList (~> 2.2)
    flutie (2.0.0)
    fog (1.38.0)
      fog-aliyun (>= 0.1.0)
      fog-atmos
      fog-aws (>= 0.6.0)
      fog-brightbox (~> 0.4)
      fog-cloudatcost (~> 0.1.0)
      fog-core (~> 1.32)
      fog-dynect (~> 0.0.2)
      fog-ecloud (~> 0.1)
      fog-google (<= 0.1.0)
      fog-json
      fog-local
      fog-openstack
      fog-powerdns (>= 0.1.1)
      fog-profitbricks
      fog-rackspace
      fog-radosgw (>= 0.0.2)
      fog-riakcs
      fog-sakuracloud (>= 0.0.4)
      fog-serverlove
      fog-softlayer
      fog-storm_on_demand
      fog-terremark
      fog-vmfusion
      fog-voxel
      fog-vsphere (>= 0.4.0)
      fog-xenserver
      fog-xml (~> 0.1.1)
      ipaddress (~> 0.5)
    fog-aliyun (0.1.0)
      fog-core (~> 1.27)
      fog-json (~> 1.0)
      ipaddress (~> 0.8)
      xml-simple (~> 1.1)
    fog-atmos (0.1.0)
      fog-core
      fog-xml
    fog-aws (0.9.4)
      fog-core (~> 1.38)
      fog-json (~> 1.0)
      fog-xml (~> 0.1)
      ipaddress (~> 0.8)
    fog-brightbox (0.11.0)
      fog-core (~> 1.22)
      fog-json
      inflecto (~> 0.0.2)
    fog-cloudatcost (0.1.2)
      fog-core (~> 1.36)
      fog-json (~> 1.0)
      fog-xml (~> 0.1)
      ipaddress (~> 0.8)
    fog-core (1.42.0)
      builder
      excon (~> 0.49)
      formatador (~> 0.2)
    fog-dynect (0.0.3)
      fog-core
      fog-json
      fog-xml
    fog-ecloud (0.3.0)
      fog-core
      fog-xml
    fog-google (0.1.0)
      fog-core
      fog-json
      fog-xml
    fog-json (1.0.2)
      fog-core (~> 1.0)
      multi_json (~> 1.10)
    fog-local (0.3.0)
      fog-core (~> 1.27)
    fog-openstack (0.1.7)
      fog-core (>= 1.40)
      fog-json (>= 1.0)
      ipaddress (>= 0.8)
    fog-powerdns (0.1.1)
      fog-core (~> 1.27)
      fog-json (~> 1.0)
      fog-xml (~> 0.1)
    fog-profitbricks (0.0.5)
      fog-core
      fog-xml
      nokogiri
    fog-rackspace (0.1.1)
      fog-core (>= 1.35)
      fog-json (>= 1.0)
      fog-xml (>= 0.1)
      ipaddress (>= 0.8)
    fog-radosgw (0.0.5)
      fog-core (>= 1.21.0)
      fog-json
      fog-xml (>= 0.0.1)
    fog-riakcs (0.1.0)
      fog-core
      fog-json
      fog-xml
    fog-sakuracloud (1.7.5)
      fog-core
      fog-json
    fog-serverlove (0.1.2)
      fog-core
      fog-json
    fog-softlayer (1.1.2)
      fog-core
      fog-json
    fog-storm_on_demand (0.1.1)
      fog-core
      fog-json
    fog-terremark (0.1.0)
      fog-core
      fog-xml
    fog-vmfusion (0.1.0)
      fission
      fog-core
    fog-voxel (0.1.0)
      fog-core
      fog-xml
    fog-vsphere (0.8.0)
      fog-core
      rbvmomi (~> 1.8)
    fog-xenserver (0.2.3)
      fog-core
      fog-xml
    fog-xml (0.1.2)
      fog-core
      nokogiri (~> 1.5, >= 1.5.11)
    formatador (0.2.5)
    friendly_id (5.1.0)
      activerecord (>= 4.0.0)
    globalid (0.3.6)
      activesupport (>= 4.1.0)
    i18n (0.7.0)
    inflecto (0.0.2)
    ipaddress (0.8.3)
    jbuilder (2.5.0)
      activesupport (>= 3.0.0, < 5.1)
      multi_json (~> 1.2)
    jquery-rails (4.1.1)
      rails-dom-testing (>= 1, < 3)
      railties (>= 4.2.0)
      thor (>= 0.14, < 2.0)
    jquery-ui-rails (5.0.5)
      railties (>= 3.2.16)
    json (1.8.3)
    loofah (2.0.3)
      nokogiri (>= 1.5.9)
    mail (2.6.4)
      mime-types (>= 1.16, < 4)
    method_source (0.8.2)
    mime-types (3.1)
      mime-types-data (~> 3.2015)
    mime-types-data (3.2016.0521)
    mimemagic (0.3.1)
    mini_magick (4.5.1)
    mini_portile2 (2.1.0)
    minitest (5.9.0)
    multi_json (1.12.1)
    net-scp (1.2.1)
      net-ssh (>= 2.6.5)
    net-ssh (3.2.0)
    nio4r (1.2.1)
    nokogiri (1.6.8)
      mini_portile2 (~> 2.1.0)
      pkg-config (~> 1.1.7)
    orm_adapter (0.5.0)
    parsley-rails (2.0.7.0)
      railties (>= 3.0.0)
    pg (0.18.4)
    pkg-config (1.1.7)
    puma (3.6.0)
    rack (2.0.1)
    rack-test (0.6.3)
      rack (>= 1.0)
    rails (5.0.0)
      actioncable (= 5.0.0)
      actionmailer (= 5.0.0)
      actionpack (= 5.0.0)
      actionview (= 5.0.0)
      activejob (= 5.0.0)
      activemodel (= 5.0.0)
      activerecord (= 5.0.0)
      activesupport (= 5.0.0)
      bundler (>= 1.3.0, < 2.0)
      railties (= 5.0.0)
      sprockets-rails (>= 2.0.0)
    rails-assets-tether (1.3.2)
    rails-dom-testing (2.0.1)
      activesupport (>= 4.2.0, < 6.0)
      nokogiri (~> 1.6.0)
    rails-html-sanitizer (1.0.3)
      loofah (~> 2.0)
    railties (5.0.0)
      actionpack (= 5.0.0)
      activesupport (= 5.0.0)
      method_source
      rake (>= 0.8.7)
      thor (>= 0.18.1, < 2.0)
    rake (11.2.2)
    ranked-model (0.4.0)
      activerecord (>= 3.1.12)
    rbvmomi (1.8.2)
      builder
      nokogiri (>= 1.4.1)
      trollop
    rdoc (4.2.2)
      json (~> 1.4)
    responders (2.2.0)
      railties (>= 4.2.0, < 5.1)
    rmagick (2.15.4)
    rspec-core (3.5.1)
      rspec-support (~> 3.5.0)
    rspec-expectations (3.5.0)
      diff-lcs (>= 1.2.0, < 2.0)
      rspec-support (~> 3.5.0)
    rspec-mocks (3.5.0)
      diff-lcs (>= 1.2.0, < 2.0)
      rspec-support (~> 3.5.0)
    rspec-rails (3.5.1)
      actionpack (>= 3.0)
      activesupport (>= 3.0)
      railties (>= 3.0)
      rspec-core (~> 3.5.0)
      rspec-expectations (~> 3.5.0)
      rspec-mocks (~> 3.5.0)
      rspec-support (~> 3.5.0)
    rspec-support (3.5.0)
    sass (3.4.22)
    sass-rails (5.0.5)
      railties (>= 4.0.0, < 6)
      sass (~> 3.1)
      sprockets (>= 2.8, < 4.0)
      sprockets-rails (>= 2.0, < 4.0)
      tilt (>= 1.1, < 3)
    sdoc (0.4.1)
      json (~> 1.7, >= 1.7.7)
      rdoc (~> 4.0)
    sprockets (3.6.3)
      concurrent-ruby (~> 1.0)
      rack (> 1, < 3)
    sprockets-rails (3.1.1)
      actionpack (>= 4.0)
      activesupport (>= 4.0)
      sprockets (>= 3.0.0)
    sshkit (1.11.2)
      net-scp (>= 1.1.2)
      net-ssh (>= 2.8.0)
    thin (1.7.0)
      daemons (~> 1.0, >= 1.0.9)
      eventmachine (~> 1.0, >= 1.0.4)
      rack (>= 1, < 3)
    thor (0.19.1)
    thread_safe (0.3.5)
    tilt (2.0.5)
    trollop (2.1.2)
    turbolinks (5.0.0)
      turbolinks-source (~> 5)
    turbolinks-source (5.0.0)
    tzinfo (1.2.2)
      thread_safe (~> 0.1)
    uglifier (3.0.0)
      execjs (>= 0.3.0, < 3)
    warden (1.2.6)
      rack (>= 1.0)
    websocket-driver (0.6.4)
      websocket-extensions (>= 0.1.0)
    websocket-extensions (0.1.2)
    xml-simple (1.1.5)

PLATFORMS
  ruby

DEPENDENCIES
  active_link_to
  autoprefixer-rails
  bootstrap (~> 4.0.0.alpha3)
  bootstrap_form
  bp_custom_fields!
  byebug
  capistrano
  capistrano-bundler
  capistrano-rails
  capistrano-rvm
  capistrano-ssh-doctor (~> 1.0)
  capistrano3-puma
  carrierwave
  coffee-rails (~> 4.1.0)
  devise
  error_list_for
  factory_girl_rails (~> 4.0)
  figaro
  flutie
  fog
  friendly_id (~> 5.1.0)
  jbuilder (~> 2.0)
  jquery-rails
  jquery-ui-rails
  parsley-rails
  pg (~> 0.15)
  puma
  rails (= 5.0.0)
  rails-assets-tether (>= 1.1.0)!
  ranked-model
  rmagick
  rspec-rails
  sass-rails
  sdoc (~> 0.4.0)
  thin
  turbolinks
  uglifier (>= 1.3.0)

BUNDLED WITH
   1.12.5
